GEM
  remote: https://rubygems.org/
  specs:
    addressable (2.6.0)
      public_suffix (>= 2.0.2, < 4.0)
    concurrent-ruby (1.1.5)
    declarative (0.0.10)
    declarative-option (0.1.0)
    embulk (0.8.39)
      jruby-jars (= 9.1.13.0)
    embulk (0.8.39-java)
      bundler (>= 1.10.6)
      liquid (~> 4.0.0)
      msgpack (~> 1.1.0)
      rjack-icu (~> 4.54.1.1)
    embulk-input-buildkite (0.5.1)
      unofficial_buildkite_client (= 0.5.0)
    embulk-output-bigquery (0.4.13)
      google-api-client
      time_with_zone
    faraday (0.15.4)
      multipart-post (>= 1.2, < 3)
    google-api-client (0.29.1)
      addressable (~> 2.5, >= 2.5.1)
      googleauth (>= 0.5, < 0.10.0)
      httpclient (>= 2.8.1, < 3.0)
      mime-types (~> 3.0)
      representable (~> 3.0)
      retriable (>= 2.0, < 4.0)
      signet (~> 0.10)
    googleauth (0.8.1)
      faraday (~> 0.12)
      jwt (>= 1.4, < 3.0)
      memoist (~> 0.16)
      multi_json (~> 1.11)
      os (>= 0.9, < 2.0)
      signet (~> 0.7)
    httpclient (2.8.3)
    jruby-jars (9.1.13.0)
    jwt (2.1.0)
    liquid (4.0.3)
    memoist (0.16.0)
    mime-types (3.2.2)
      mime-types-data (~> 3.2015)
    mime-types-data (3.2019.0331)
    msgpack (1.1.0-java)
    multi_json (1.13.1)
    multipart-post (2.1.0)
    os (1.0.1)
    public_suffix (3.0.3)
    representable (3.0.4)
      declarative (< 0.1.0)
      declarative-option (< 0.2.0)
      uber (< 0.2.0)
    retriable (3.1.2)
    rjack-icu (4.54.1.1-java)
    signet (0.11.0)
      addressable (~> 2.3)
      faraday (~> 0.9)
      jwt (>= 1.5, < 3.0)
      multi_json (~> 1.10)
    time_with_zone (0.3.1)
      tzinfo
    tzinfo (2.0.0)
      concurrent-ruby (~> 1.0)
    uber (0.1.0)
    unofficial_buildkite_client (0.5.0)

PLATFORMS
  java
  ruby

DEPENDENCIES
  embulk
  embulk-input-buildkite
  embulk-output-bigquery

BUNDLED WITH
   1.16.0
