GIT
  remote: https://github.com/mtsmfm/embulk-output-bigquery
  revision: 957f02727704624835a836ac1928ba328d73932f
  branch: mtsmfm/ignore-duplicate-insert-error
  specs:
    embulk-output-bigquery (0.4.10)
      google-api-client
      time_with_zone

GEM
  remote: https://rubygems.org/
  specs:
    addressable (2.6.0)
      public_suffix (>= 2.0.2, < 4.0)
    backports (3.12.0)
    concurrent-ruby (1.1.4)
    connection_pool (2.2.2)
    declarative (0.0.10)
    declarative-option (0.1.0)
    embulk (0.9.15-java)
      bundler (>= 1.10.6)
      liquid (~> 4.0.0)
      msgpack (~> 1.1.0)
    embulk-input-travis (0.5.0)
      travis
    ethon (0.12.0)
      ffi (>= 1.3.0)
    faraday (0.15.4)
      multipart-post (>= 1.2, < 3)
    faraday_middleware (0.13.1)
      faraday (>= 0.7.4, < 1.0)
    ffi (1.10.0-java)
    gh (0.14.0)
      addressable
      backports
      faraday (~> 0.8)
      multi_json (~> 1.0)
      net-http-persistent (>= 2.7)
      net-http-pipeline
    google-api-client (0.28.4)
      addressable (~> 2.5, >= 2.5.1)
      googleauth (>= 0.5, < 0.10.0)
      httpclient (>= 2.8.1, < 3.0)
      mime-types (~> 3.0)
      representable (~> 3.0)
      retriable (>= 2.0, < 4.0)
      signet (~> 0.10)
    googleauth (0.8.0)
      faraday (~> 0.12)
      jwt (>= 1.4, < 3.0)
      memoist (~> 0.16)
      multi_json (~> 1.11)
      os (>= 0.9, < 2.0)
      signet (~> 0.7)
    highline (1.7.10)
    httpclient (2.8.3)
    json (2.2.0-java)
    jwt (2.1.0)
    launchy (2.4.3-java)
      addressable (~> 2.3)
      spoon (~> 0.0.1)
    liquid (4.0.2)
    memoist (0.16.0)
    mime-types (3.2.2)
      mime-types-data (~> 3.2015)
    mime-types-data (3.2018.0812)
    msgpack (1.1.0-java)
    multi_json (1.13.1)
    multipart-post (2.0.0)
    net-http-persistent (3.0.0)
      connection_pool (~> 2.2)
    net-http-pipeline (1.0.1)
    os (1.0.0)
    public_suffix (3.0.3)
    pusher-client (0.6.2)
      json
      websocket (~> 1.0)
    representable (3.0.4)
      declarative (< 0.1.0)
      declarative-option (< 0.2.0)
      uber (< 0.2.0)
    retriable (3.1.2)
    signet (0.11.0)
      addressable (~> 2.3)
      faraday (~> 0.9)
      jwt (>= 1.5, < 3.0)
      multi_json (~> 1.10)
    spoon (0.0.6)
      ffi
    time_with_zone (0.3.1)
      tzinfo
    travis (1.8.9)
      backports
      faraday (~> 0.9)
      faraday_middleware (~> 0.9, >= 0.9.1)
      gh (~> 0.13)
      highline (~> 1.6)
      launchy (~> 2.1)
      pusher-client (~> 0.4)
      typhoeus (~> 0.6, >= 0.6.8)
    typhoeus (0.8.0)
      ethon (>= 0.8.0)
    tzinfo (2.0.0)
      concurrent-ruby (~> 1.0)
    uber (0.1.0)
    websocket (1.2.8)

PLATFORMS
  java

DEPENDENCIES
  embulk
  embulk-input-travis
  embulk-output-bigquery!

BUNDLED WITH
   1.16.0
